NUGET
  remote: https://www.nuget.org/api/v2
  specs:
    Antlr (3.4.1.9004)
    Autofac (3.4.0)
    Autofac.Mvc5 (3.3.3)
      Autofac (>= 3.4.0 < 4.0.0)
      Microsoft.AspNet.Mvc (>= 5.1.0 < 6.0.0)
    bootstrap (3.0.0)
      jQuery (>= 1.9.0)
    EntityFramework (6.1.1)
    jQuery (1.10.2)
    jQuery.Validation (1.11.1)
      jQuery (>= 1.4.4)
    Microsoft.AspNet.Identity.Core (2.1.0)
    Microsoft.AspNet.Identity.EntityFramework (2.1.0)
      EntityFramework (>= 6.1.0)
      Microsoft.AspNet.Identity.Core (>= 2.1.0)
    Microsoft.AspNet.Mvc (5.2.2)
      Microsoft.AspNet.Razor (>= 3.2.2 < 3.3.0)
      Microsoft.AspNet.WebPages (>= 3.2.2 < 3.3.0)
    Microsoft.AspNet.Razor (3.2.2)
    Microsoft.AspNet.Web.Optimization (1.1.3)
      Microsoft.Web.Infrastructure (>= 1.0.0)
      WebGrease (>= 1.5.2)
    Microsoft.AspNet.WebPages (3.2.2)
      Microsoft.AspNet.Razor (>= 3.2.2 < 3.3.0)
      Microsoft.Web.Infrastructure (>= 1.0.0.0)
    Microsoft.jQuery.Unobtrusive.Validation (3.2.2)
      jQuery (>= 1.8)
      jQuery.Validation (>= 1.8)
    Microsoft.Web.Infrastructure (1.0.0.0)
    Modernizr (2.6.2)
    mustache.js (0.8.1)
    Newtonsoft.Json (6.0.4)
    Respond (1.2.0)
    Shouldly (2.4.0)
    WebGrease (1.5.2)
      Antlr (>= 3.4.1.9004)
      Newtonsoft.Json (>= 5.0.4)
    xunit (2.0.0)
      xunit.assert (2.0.0)
      xunit.core (2.0.0)
    xunit.abstractions (2.0.0)
    xunit.assert (2.0.0)
    xunit.core (2.0.0)
      xunit.extensibility.core (2.0.0)
    xunit.extensibility.core (2.0.0)
      xunit.abstractions (2.0.0)
